GEM
  remote: http://rubygems.org/
  specs:
    erubis (2.7.0)
    multi_json (1.0.3)
    multi_xml (0.4.0)
    rack (1.3.3)
    rack-parser (0.1.1)
      multi_json
      multi_xml
      rack
    sqlite3 (1.3.4)

PLATFORMS
  java
  ruby

DEPENDENCIES
  erubis
  rack
  rack-parser
  sqlite3
